GIT
  remote: https://github.com/Enucatl/yml-secrets.git
  revision: d99599063245d374238efb845e3919d9e860addd
  specs:
    yml-secrets (0.0.1)

GEM
  remote: https://rubygems.org/
  specs:
    airbrussh (1.3.0)
      sshkit (>= 1.6.1, != 1.7.0)
    capistrano (3.10.0)
      airbrussh (>= 1.0.0)
      i18n
      rake (>= 10.0.0)
      sshkit (>= 1.9.0)
    capistrano-cookbook (0.2.1)
      capistrano (~> 3.2)
    capistrano-platform-resources (0.1.2)
      capistrano
    capistrano-pyenv (1.0.3)
      capistrano
      capistrano-platform-resources (>= 0.1.0)
    concurrent-ruby (1.0.5)
    domain_name (0.5.20170404)
      unf (>= 0.0.5, < 1.0.0)
    http-cookie (1.0.3)
      domain_name (~> 0.5)
    i18n (0.9.0)
      concurrent-ruby (~> 1.0)
    mime-types (3.1)
      mime-types-data (~> 3.2015)
    mime-types-data (3.2016.0521)
    net-scp (1.2.1)
      net-ssh (>= 2.6.5)
    net-ssh (4.2.0)
    netrc (0.11.0)
    rake (12.2.1)
    rest-client (2.0.2)
      http-cookie (>= 1.0.2, < 2.0)
      mime-types (>= 1.16, < 4.0)
      netrc (~> 0.8)
    sshkit (1.14.0)
      net-scp (>= 1.1.2)
      net-ssh (>= 2.8.0)
    unf (0.1.4)
      unf_ext
    unf_ext (0.0.7.4)

PLATFORMS
  ruby

DEPENDENCIES
  capistrano
  capistrano-cookbook
  capistrano-pyenv
  rest-client
  yml-secrets!

BUNDLED WITH
   1.15.4
